PATH
  remote: .
  specs:
    code2pdf (0.4.3)
      pdfkit
      rouge
      wkhtmltopdf-binary

GEM
  remote: http://rubygems.org/
  specs:
    Ascii85 (1.1.0)
    afm (0.2.2)
    coderay (1.1.3)
    diff-lcs (1.5.0)
    hashery (2.1.2)
    method_source (1.0.0)
    pdf-inspector (1.3.0)
      pdf-reader (>= 1.0, < 3.0.a)
    pdf-reader (2.10.0)
      Ascii85 (~> 1.0)
      afm (~> 0.2.1)
      hashery (~> 2.0)
      ruby-rc4
      ttfunk
    pdfkit (0.8.6)
    pry (0.14.1)
      coderay (~> 1.1)
      method_source (~> 1.0)
    rake (13.0.6)
    rouge (3.29.0)
    rspec (3.11.0)
      rspec-core (~> 3.11.0)
      rspec-expectations (~> 3.11.0)
      rspec-mocks (~> 3.11.0)
    rspec-core (3.11.0)
      rspec-support (~> 3.11.0)
    rspec-expectations (3.11.0)
      diff-lcs (>= 1.2.0, < 2.0)
      rspec-support (~> 3.11.0)
    rspec-mocks (3.11.1)
      diff-lcs (>= 1.2.0, < 2.0)
      rspec-support (~> 3.11.0)
    rspec-support (3.11.0)
    ruby-rc4 (0.1.5)
    ttfunk (1.7.0)
    wkhtmltopdf-binary (0.12.6.5)

PLATFORMS
  ruby

DEPENDENCIES
  bundler
  code2pdf!
  pdf-inspector
  pry
  rake
  rspec

BUNDLED WITH
   2.3.16
