PATH
  remote: .
  specs:
    code2pdf (0.5.0)

GEM
  remote: http://rubygems.org/
  specs:
    coderay (0.9.8)
    wkhtmltopdf-binary (0.9.5.3)

PLATFORMS
  ruby

DEPENDENCIES
  code2pdf!
  coderay (0.9.8)
  wkhtmltopdf-binary (0.9.5.3)
